PATH
  remote: .
  specs:
    basic_auth (0.0.1.alpha)
      locomotive_plugins (~> 1.0.0.beta9)

GEM
  remote: https://rubygems.org/
  specs:
    activemodel (3.2.12)
      activesupport (= 3.2.12)
      builder (~> 3.0.0)
    activesupport (3.2.12)
      i18n (~> 0.6)
      multi_json (~> 1.0)
    bson (1.8.2)
    bson_ext (1.8.2)
      bson (~> 1.8.2)
    builder (3.0.4)
    diff-lcs (1.1.3)
    haml (3.1.8)
    i18n (0.6.1)
    locomotive_liquid (2.4.2)
    locomotive_plugins (1.0.0.beta9)
      bson_ext
      haml (~> 3.1)
      locomotive_liquid (~> 2.4)
      mongoid (~> 2.4.12)
    metaclass (0.0.1)
    mocha (0.13.2)
      metaclass (~> 0.0.1)
    mongo (1.3.1)
      bson (>= 1.3.1)
    mongoid (2.4.12)
      activemodel (~> 3.1)
      mongo (<= 1.6.2)
      tzinfo (~> 0.3.22)
    multi_json (1.6.1)
    rspec (2.12.0)
      rspec-core (~> 2.12.0)
      rspec-expectations (~> 2.12.0)
      rspec-mocks (~> 2.12.0)
    rspec-core (2.12.2)
    rspec-expectations (2.12.1)
      diff-lcs (~> 1.1.3)
    rspec-mocks (2.12.2)
    tzinfo (0.3.35)

PLATFORMS
  ruby

DEPENDENCIES
  basic_auth!
  mocha (~> 0.13)
  rspec (~> 2.12)
