PATH
  remote: .
  specs:
    basic_auth_hb_plugin (1.0.0.rc2)
      locomotive_plugins (~> 1.0.1)

GEM
  remote: https://rubygems.org/
  specs:
    activemodel (3.2.16)
      activesupport (= 3.2.16)
      builder (~> 3.0.0)
    activesupport (3.2.16)
      i18n (~> 0.6, >= 0.6.4)
      multi_json (~> 1.0)
    bson (1.9.2)
    bson_ext (1.9.2)
      bson (~> 1.9.2)
    builder (3.0.4)
    diff-lcs (1.1.3)
    haml (4.0.5)
      tilt
    i18n (0.6.9)
    locomotive_liquid (2.4.2)
    locomotive_plugins (1.0.1)
      bson_ext
      haml (~> 4.0)
      locomotive_liquid (~> 2.4)
      mongoid (~> 3.1.5)
    metaclass (0.0.1)
    mocha (0.13.2)
      metaclass (~> 0.0.1)
    mongoid (3.1.6)
      activemodel (~> 3.2)
      moped (~> 1.4)
      origin (~> 1.0)
      tzinfo (~> 0.3.29)
    moped (1.5.2)
    multi_json (1.8.4)
    origin (1.1.0)
    rspec (2.12.0)
      rspec-core (~> 2.12.0)
      rspec-expectations (~> 2.12.0)
      rspec-mocks (~> 2.12.0)
    rspec-core (2.12.2)
    rspec-expectations (2.12.1)
      diff-lcs (~> 1.1.3)
    rspec-mocks (2.12.2)
    tilt (2.0.0)
    tzinfo (0.3.38)

PLATFORMS
  ruby

DEPENDENCIES
  basic_auth_hb_plugin!
  mocha (~> 0.13)
  rspec (~> 2.12)
